GEM
  remote: https://rubygems.org/
  specs:
    coderay (1.1.0)
    cosmos (3.5.0)
      bundler (~> 1.3)
      json (>= 1.5, < 1.9)
      opengl (>= 0.7, < 0.10)
      pry (>= 0.9, < 0.11)
      pry-doc (>= 0.5, < 0.7)
      qtbindings (~> 4.8.6, >= 4.8.6.2)
      rake (>= 0, < 11)
      rdoc (>= 3, < 5)
      rubyzip (~> 1.1.0)
      snmp (~> 1.0)
      uuidtools (~> 2.1.0)
      yard (~> 0.8.0)
    json (1.8.1)
    method_source (0.8.2)
    opengl (0.9.2)
    pry (0.10.1)
      coderay (~> 1.1.0)
      method_source (~> 0.8.1)
      slop (~> 3.4)
    pry-doc (0.6.0)
      pry (~> 0.9)
      yard (~> 0.8)
    qtbindings (4.8.6.2)
    rake (10.4.2)
    rdoc (4.2.0)
    ruby-termios (0.9.6)
    rubyzip (1.1.7)
    slop (3.6.0)
    snmp (1.2.0)
    uuidtools (2.1.5)
    yard (0.8.7.6)

PLATFORMS
  ruby

DEPENDENCIES
  cosmos
  ruby-termios (~> 0.9)

BUNDLED WITH
   1.10.5
